PATH
  remote: .
  specs:
    dbpedia (0.0.1)
      nokogiri (>= 1.5.5)

GEM
  remote: https://rubygems.org/
  specs:
    diff-lcs (1.2.5)
    link_header (0.0.8)
    mini_portile2 (2.0.0)
    net-http-persistent (2.9.4)
    nokogiri (1.6.7.2)
      mini_portile2 (~> 2.0.0.rc2)
    rake (10.5.0)
    rdf (1.99.1)
      link_header (~> 0.0, >= 0.0.8)
    rspec (3.4.0)
      rspec-core (~> 3.4.0)
      rspec-expectations (~> 3.4.0)
      rspec-mocks (~> 3.4.0)
    rspec-core (3.4.2)
      rspec-support (~> 3.4.0)
    rspec-expectations (3.4.0)
      diff-lcs (>= 1.2.0, < 2.0)
      rspec-support (~> 3.4.0)
    rspec-mocks (3.4.1)
      diff-lcs (>= 1.2.0, < 2.0)
      rspec-support (~> 3.4.0)
    rspec-support (3.4.1)
    sparql-client (1.99.0)
      net-http-persistent (~> 2.9)
      rdf (~> 1.1)

PLATFORMS
  ruby

DEPENDENCIES
  bundler (>= 1.3.0, < 2.0)
  dbpedia!
  rake (~> 10.0)
  rspec
  sparql-client (< 2.0)

BUNDLED WITH
   1.10.6
